PATH
  remote: .
  specs:
    activitystreams (0.0.3)
      activesupport (>= 2.3)
      addressable
      attr_required (>= 0.0.3)
      i18n
      json (>= 1.4.3)

GEM
  remote: http://rubygems.org/
  specs:
    activesupport (3.0.9)
    addressable (2.2.6)
    attr_required (0.0.3)
    diff-lcs (1.1.2)
    i18n (0.6.0)
    json (1.5.3)
    rake (0.9.2)
    rcov (0.9.10)
    rspec (2.6.0)
      rspec-core (~> 2.6.0)
      rspec-expectations (~> 2.6.0)
      rspec-mocks (~> 2.6.0)
    rspec-core (2.6.4)
    rspec-expectations (2.6.0)
      diff-lcs (~> 1.1.2)
    rspec-mocks (2.6.0)

PLATFORMS
  ruby

DEPENDENCIES
  activitystreams!
  rake (>= 0.8)
  rcov (>= 0.9)
  rspec (>= 2)
